GEM
  remote: https://rubygems.org/
  specs:
    minitest (5.11.3)
    mysql2 (0.5.2)
    pg (1.0.0)
    rake (12.3.1)

PLATFORMS
  ruby

DEPENDENCIES
  minitest
  mysql2
  pg
  rake

BUNDLED WITH
   1.16.2
