GEM
  remote: https://rubygems.org/
  specs:
    minitest (5.8.0)
    mysql2 (0.4.1)
    pg (0.18.3)
    rake (10.4.2)

PLATFORMS
  ruby

DEPENDENCIES
  minitest
  mysql2
  pg
  rake

BUNDLED WITH
   1.10.6
