GEM
  remote: https://rubygems.org/
  specs:
    minitest (5.10.3)
    mysql2 (0.4.10)
    pg (0.21.0)
    rake (12.3.0)

PLATFORMS
  ruby

DEPENDENCIES
  minitest
  mysql2
  pg
  rake

BUNDLED WITH
   1.16.0
